GEM
  remote: https://rubygems.org/
  specs:
    embulk (0.11.0-java)
      msgpack (>= 1.1.0)
    liquid (5.5.0)
    msgpack (1.7.2)

PLATFORMS
  universal-java-11
  x86_64-darwin-21

DEPENDENCIES
  bundler
  embulk (= 0.11.0)
  liquid
  msgpack

BUNDLED WITH
   2.3.26
